GEM
  remote: http://rubygems.org/
  specs:
    activesupport (3.1.3)
      multi_json (~> 1.0)
    adsf (1.0.1)
      rack (>= 1.0.0)
    cri (2.0.2)
    fssm (0.2.8.1)
    haml (3.1.4)
    i18n (0.6.0)
    json (1.6.4)
    mime-types (1.17.2)
    multi_json (1.0.4)
    nanoc (3.2.4)
      nanoc3 (>= 3.2.4)
    nanoc3 (3.2.4)
      cri (~> 2.0)
    nokogiri (1.5.0)
    pygmentize (0.0.3)
    rack (1.4.0)
    rainpress (1.0)
    rdiscount (1.6.8)
    systemu (2.4.2)
    w3c_validators (1.2)
      json
      nokogiri

PLATFORMS
  ruby

DEPENDENCIES
  activesupport (= 3.1.3)
  adsf (= 1.0.1)
  fssm (= 0.2.8.1)
  haml (= 3.1.4)
  i18n (= 0.6.0)
  mime-types (= 1.17.2)
  nanoc (= 3.2.4)
  pygmentize (= 0.0.3)
  rainpress (= 1.0)
  rdiscount (= 1.6.8)
  systemu (= 2.4.2)
  w3c_validators (= 1.2)
